PATH
  remote: .
  specs:
    xls-file (0.1.0)
      caxlsx (~> 3.0)

GEM
  remote: https://rubygems.org/
  specs:
    caxlsx (3.4.1)
      htmlentities (~> 4.3, >= 4.3.4)
      marcel (~> 1.0)
      nokogiri (~> 1.10, >= 1.10.4)
      rubyzip (>= 1.3.0, < 3)
    diff-lcs (1.5.0)
    htmlentities (4.3.4)
    marcel (1.0.2)
    nokogiri (1.15.5-arm64-darwin)
      racc (~> 1.4)
    racc (1.7.3)
    rake (13.1.0)
    rspec (3.12.0)
      rspec-core (~> 3.12.0)
      rspec-expectations (~> 3.12.0)
      rspec-mocks (~> 3.12.0)
    rspec-core (3.12.2)
      rspec-support (~> 3.12.0)
    rspec-expectations (3.12.3)
      diff-lcs (>= 1.2.0, < 2.0)
      rspec-support (~> 3.12.0)
    rspec-mocks (3.12.6)
      diff-lcs (>= 1.2.0, < 2.0)
      rspec-support (~> 3.12.0)
    rspec-support (3.12.1)
    rubyzip (2.3.2)

PLATFORMS
  arm64-darwin-22

DEPENDENCIES
  caxlsx
  rake (~> 13.0)
  rspec (~> 3.0)
  xls-file!

BUNDLED WITH
   2.4.18
